GEM
  remote: http://rubygems.org/
  specs:
    builder (3.2.2)
    celluloid (0.12.4)
      facter (>= 1.6.12)
      timers (>= 1.0.0)
    connection_pool (1.0.0)
    crack (0.3.2)
    diff-lcs (1.2.2)
    facter (1.6.18)
    jwt (0.1.8)
      multi_json (>= 1.5)
    kgio (2.8.0)
    multi_json (1.7.2)
    newrelic_rpm (3.6.1.88)
    rack (1.5.2)
    rack-protection (1.5.0)
      rack
    rack-test (0.6.2)
      rack (>= 1.0)
    raindrops (0.10.0)
    redis (3.0.3)
    redis-namespace (1.2.1)
      redis (~> 3.0.0)
    rspec (2.13.0)
      rspec-core (~> 2.13.0)
      rspec-expectations (~> 2.13.0)
      rspec-mocks (~> 2.13.0)
    rspec-core (2.13.1)
    rspec-expectations (2.13.0)
      diff-lcs (>= 1.1.3, < 2.0)
    rspec-mocks (2.13.0)
    sidekiq (2.9.0)
      celluloid (~> 0.12.0)
      connection_pool (~> 1.0)
      multi_json (~> 1)
      redis (~> 3)
      redis-namespace
    sinatra (1.4.2)
      rack (~> 1.5, >= 1.5.2)
      rack-protection (~> 1.4)
      tilt (~> 1.3, >= 1.3.4)
    tilt (1.3.6)
    timers (1.1.0)
    twilio-ruby (3.10.1)
      builder (>= 2.1.2)
      jwt (>= 0.1.2)
      multi_json (>= 1.3.0)
    unicorn (4.6.2)
      kgio (~> 2.6)
      rack
      raindrops (~> 0.7)

PLATFORMS
  ruby

DEPENDENCIES
  crack
  newrelic_rpm
  rack
  rack-test
  redis
  rspec
  sidekiq
  sinatra
  twilio-ruby
  unicorn
